GEM
  remote: https://rubygems.org/
  specs:
    coderay (1.1.0)
    faraday (0.8.9)
      multipart-post (~> 1.2.0)
    faraday_middleware (0.9.1)
      faraday (>= 0.7.4, < 0.10)
    haml (4.0.5)
      tilt
    hashie (3.3.1)
    method_source (0.8.2)
    multipart-post (1.2.0)
    pry (0.10.1)
      coderay (~> 1.1.0)
      method_source (~> 0.8.1)
      slop (~> 3.4)
    rack (1.5.2)
    rack-protection (1.5.3)
      rack
    sinatra (1.4.5)
      rack (~> 1.4)
      rack-protection (~> 1.4)
      tilt (~> 1.3, >= 1.3.4)
    slop (3.6.0)
    tilt (1.4.1)
    traitify (1.1.1)
      faraday (~> 0.8.0)
      faraday_middleware (~> 0.9.0)
      hashie

PLATFORMS
  ruby

DEPENDENCIES
  haml
  pry
  sinatra
  traitify
